PATH
  remote: .
  specs:
    udongo (1.0.3)
      acts_as_list (~> 0.7, >= 0.7.2)
      bcrypt (~> 3.1, >= 3.1.7)
      carrierwave (~> 0.10, >= 0.10.0)
      ckeditor (~> 4.1, >= 4.1.4)
      country_select (~> 2.4, >= 2.4.0)
      draper (~> 1.4, >= 1.4.0)
      jquery-rails (~> 4.0, >= 4.0.5)
      jquery-ui-rails (~> 5.0, >= 5.0.5)
      mini_magick (~> 4.3, >= 4.3.6)
      rails (= 4.2.6)
      ransack (~> 1.7, >= 1.7.0)
      redcarpet (~> 3.3, >= 3.3.3)
      reform (~> 2.1, >= 2.1.0)
      responders (~> 2.1, >= 2.1.0)
      rmagick (~> 2.15, >= 2.15.4)
      sass-rails (~> 5.0, >= 5.0.3)
      simple_form (~> 3.1, >= 3.1.1)
      virtus (~> 1.0, >= 1.0.5)
      will_paginate (~> 3.0, >= 3.0.6)

GEM
  remote: https://rubygems.org/
  specs:
    actionmailer (4.2.6)
      actionpack (= 4.2.6)
      actionview (= 4.2.6)
      activejob (= 4.2.6)
      mail (~> 2.5, >= 2.5.4)
      rails-dom-testing (~> 1.0, >= 1.0.5)
    actionpack (4.2.6)
      actionview (= 4.2.6)
      activesupport (= 4.2.6)
      rack (~> 1.6)
      rack-test (~> 0.6.2)
      rails-dom-testing (~> 1.0, >= 1.0.5)
      rails-html-sanitizer (~> 1.0, >= 1.0.2)
    actionview (4.2.6)
      activesupport (= 4.2.6)
      builder (~> 3.1)
      erubis (~> 2.7.0)
      rails-dom-testing (~> 1.0, >= 1.0.5)
      rails-html-sanitizer (~> 1.0, >= 1.0.2)
    activejob (4.2.6)
      activesupport (= 4.2.6)
      globalid (>= 0.3.0)
    activemodel (4.2.6)
      activesupport (= 4.2.6)
      builder (~> 3.1)
    activerecord (4.2.6)
      activemodel (= 4.2.6)
      activesupport (= 4.2.6)
      arel (~> 6.0)
    activesupport (4.2.6)
      i18n (~> 0.7)
      json (~> 1.7, >= 1.7.7)
      minitest (~> 5.1)
      thread_safe (~> 0.3, >= 0.3.4)
      tzinfo (~> 1.1)
    acts_as_list (0.7.4)
      activerecord (>= 3.0)
    addressable (2.4.0)
    arel (6.0.3)
    axiom-types (0.1.1)
      descendants_tracker (~> 0.0.4)
      ice_nine (~> 0.11.0)
      thread_safe (~> 0.3, >= 0.3.1)
    bcrypt (3.1.11)
    better_errors (2.1.1)
      coderay (>= 1.0.0)
      erubis (>= 2.6.6)
      rack (>= 0.9.0)
    binding_of_caller (0.7.2)
      debug_inspector (>= 0.0.1)
    builder (3.2.2)
    carrierwave (0.11.2)
      activemodel (>= 3.2.0)
      activesupport (>= 3.2.0)
      json (>= 1.7)
      mime-types (>= 1.16)
      mimemagic (>= 0.3.0)
    ckeditor (4.1.6)
      cocaine
      orm_adapter (~> 0.5.0)
    climate_control (0.0.3)
      activesupport (>= 3.0)
    cocaine (0.5.8)
      climate_control (>= 0.0.3, < 1.0)
    codeclimate-test-reporter (0.5.0)
      simplecov (>= 0.7.1, < 1.0.0)
    coderay (1.1.1)
    coercible (1.0.0)
      descendants_tracker (~> 0.0.1)
    concurrent-ruby (1.0.2)
    countries (1.2.5)
      currencies (~> 0.4.2)
      i18n_data (~> 0.7.0)
    country_select (2.5.2)
      countries (~> 1.2.0)
      sort_alphabetical (~> 1.0)
    currencies (0.4.2)
    database_cleaner (1.5.3)
    debug_inspector (0.0.2)
    declarative (0.0.7)
      uber (>= 0.0.15)
    descendants_tracker (0.0.4)
      thread_safe (~> 0.3, >= 0.3.1)
    diff-lcs (1.2.5)
    disposable (0.2.6)
      declarative (~> 0.0.6)
      representable (>= 2.4.0, <= 3.1.0)
      uber
    docile (1.1.5)
    draper (1.4.0)
      actionpack (>= 3.0)
      activemodel (>= 3.0)
      activesupport (>= 3.0)
      request_store (~> 1.0)
    equalizer (0.0.11)
    erubis (2.7.0)
    factory_girl (4.7.0)
      activesupport (>= 3.0.0)
    factory_girl_rails (4.7.0)
      factory_girl (~> 4.7.0)
      railties (>= 3.0.0)
    ffi (1.9.10)
    formatador (0.2.5)
    globalid (0.3.6)
      activesupport (>= 4.1.0)
    guard (2.14.0)
      formatador (>= 0.2.4)
      listen (>= 2.7, < 4.0)
      lumberjack (~> 1.0)
      nenv (~> 0.1)
      notiffany (~> 0.0)
      pry (>= 0.9.12)
      shellany (~> 0.0)
      thor (>= 0.18.1)
    guard-compat (1.2.1)
    guard-rspec (4.6.5)
      guard (~> 2.1)
      guard-compat (~> 1.1)
      rspec (>= 2.99.0, < 4.0)
    i18n (0.7.0)
    i18n_data (0.7.0)
    ice_nine (0.11.2)
    jquery-rails (4.1.1)
      rails-dom-testing (>= 1, < 3)
      railties (>= 4.2.0)
      thor (>= 0.14, < 2.0)
    jquery-ui-rails (5.0.5)
      railties (>= 3.2.16)
    json (1.8.3)
    launchy (2.4.3)
      addressable (~> 2.3)
    letter_opener (1.4.1)
      launchy (~> 2.2)
    listen (3.1.5)
      rb-fsevent (~> 0.9, >= 0.9.4)
      rb-inotify (~> 0.9, >= 0.9.7)
      ruby_dep (~> 1.2)
    loofah (2.0.3)
      nokogiri (>= 1.5.9)
    lumberjack (1.0.10)
    mail (2.6.4)
      mime-types (>= 1.16, < 4)
    method_source (0.8.2)
    mime-types (3.1)
      mime-types-data (~> 3.2015)
    mime-types-data (3.2016.0521)
    mimemagic (0.3.1)
    mini_magick (4.5.1)
    mini_portile2 (2.0.0)
    minitest (5.9.0)
    mysql2 (0.3.21)
    nenv (0.3.0)
    nokogiri (1.6.7.2)
      mini_portile2 (~> 2.0.0.rc2)
    notiffany (0.1.0)
      nenv (~> 0.1)
      shellany (~> 0.0)
    orm_adapter (0.5.0)
    polyamorous (1.3.0)
      activerecord (>= 3.0)
    pry (0.10.3)
      coderay (~> 1.1.0)
      method_source (~> 0.8.1)
      slop (~> 3.4)
    rack (1.6.4)
    rack-test (0.6.3)
      rack (>= 1.0)
    rails (4.2.6)
      actionmailer (= 4.2.6)
      actionpack (= 4.2.6)
      actionview (= 4.2.6)
      activejob (= 4.2.6)
      activemodel (= 4.2.6)
      activerecord (= 4.2.6)
      activesupport (= 4.2.6)
      bundler (>= 1.3.0, < 2.0)
      railties (= 4.2.6)
      sprockets-rails
    rails-deprecated_sanitizer (1.0.3)
      activesupport (>= 4.2.0.alpha)
    rails-dom-testing (1.0.7)
      activesupport (>= 4.2.0.beta, < 5.0)
      nokogiri (~> 1.6.0)
      rails-deprecated_sanitizer (>= 1.0.1)
    rails-html-sanitizer (1.0.3)
      loofah (~> 2.0)
    railties (4.2.6)
      actionpack (= 4.2.6)
      activesupport (= 4.2.6)
      rake (>= 0.8.7)
      thor (>= 0.18.1, < 2.0)
    rake (11.1.2)
    ransack (1.7.0)
      actionpack (>= 3.0)
      activerecord (>= 3.0)
      activesupport (>= 3.0)
      i18n
      polyamorous (~> 1.2)
    rb-fsevent (0.9.7)
    rb-inotify (0.9.7)
      ffi (>= 0.5.0)
    redcarpet (3.3.4)
    reform (2.1.0)
      disposable (>= 0.2.2, < 0.3.0)
      representable (>= 2.4.0, < 3.1.0)
      uber (~> 0.0.11)
    representable (3.0.0)
      declarative (~> 0.0.5)
      uber (~> 0.0.15)
    request_store (1.3.1)
    responders (2.2.0)
      railties (>= 4.2.0, < 5.1)
    rmagick (2.15.4)
    rspec (3.4.0)
      rspec-core (~> 3.4.0)
      rspec-expectations (~> 3.4.0)
      rspec-mocks (~> 3.4.0)
    rspec-core (3.4.4)
      rspec-support (~> 3.4.0)
    rspec-expectations (3.4.0)
      diff-lcs (>= 1.2.0, < 2.0)
      rspec-support (~> 3.4.0)
    rspec-mocks (3.4.1)
      diff-lcs (>= 1.2.0, < 2.0)
      rspec-support (~> 3.4.0)
    rspec-rails (3.4.2)
      actionpack (>= 3.0, < 4.3)
      activesupport (>= 3.0, < 4.3)
      railties (>= 3.0, < 4.3)
      rspec-core (~> 3.4.0)
      rspec-expectations (~> 3.4.0)
      rspec-mocks (~> 3.4.0)
      rspec-support (~> 3.4.0)
    rspec-support (3.4.1)
    ruby_dep (1.3.1)
    sass (3.4.22)
    sass-rails (5.0.4)
      railties (>= 4.0.0, < 5.0)
      sass (~> 3.1)
      sprockets (>= 2.8, < 4.0)
      sprockets-rails (>= 2.0, < 4.0)
      tilt (>= 1.1, < 3)
    shellany (0.0.1)
    simple_form (3.2.1)
      actionpack (> 4, < 5.1)
      activemodel (> 4, < 5.1)
    simplecov (0.11.2)
      docile (~> 1.1.0)
      json (~> 1.8)
      simplecov-html (~> 0.10.0)
    simplecov-html (0.10.0)
    slop (3.6.0)
    sort_alphabetical (1.0.2)
      unicode_utils (>= 1.2.2)
    spring (1.6.4)
    spring-commands-rspec (1.0.4)
      spring (>= 0.9.1)
    sprockets (3.6.0)
      concurrent-ruby (~> 1.0)
      rack (> 1, < 3)
    sprockets-rails (3.0.4)
      actionpack (>= 4.0)
      activesupport (>= 4.0)
      sprockets (>= 3.0.0)
    sqlite3 (1.3.11)
    thor (0.19.1)
    thread_safe (0.3.5)
    tilt (2.0.5)
    tzinfo (1.2.2)
      thread_safe (~> 0.1)
    uber (0.0.15)
    unicode_utils (1.4.0)
    virtus (1.0.5)
      axiom-types (~> 0.1)
      coercible (~> 1.0)
      descendants_tracker (~> 0.0, >= 0.0.3)
      equalizer (~> 0.0, >= 0.0.9)
    will_paginate (3.1.0)

PLATFORMS
  ruby

DEPENDENCIES
  better_errors
  binding_of_caller
  codeclimate-test-reporter (~> 0.5.0)
  database_cleaner
  factory_girl_rails
  guard-rspec (~> 4.6.4)
  launchy
  letter_opener (~> 1.4.1)
  mysql2 (~> 0.3.20)
  rb-fsevent
  rspec-rails (~> 3.4.0)
  spring (~> 1.6, >= 1.6.4)
  spring-commands-rspec (~> 1.0.4)
  sqlite3 (~> 1.3, >= 1.3.11)
  udongo!

BUNDLED WITH
   1.12.5
